PATH
  remote: .
  specs:
    check_yo_spelling (0.1.0)
      geolookup (~> 0.5.10)
      levenshtein (~> 0.2.2)

GEM
  remote: https://rubygems.org/
  specs:
    diff-lcs (1.2.5)
    geolookup (0.5.10)
    levenshtein (0.2.2)
    rake (10.4.2)
    rspec (3.3.0)
      rspec-core (~> 3.3.0)
      rspec-expectations (~> 3.3.0)
      rspec-mocks (~> 3.3.0)
    rspec-core (3.3.1)
      rspec-support (~> 3.3.0)
    rspec-expectations (3.3.0)
      diff-lcs (>= 1.2.0, < 2.0)
      rspec-support (~> 3.3.0)
    rspec-mocks (3.3.1)
      diff-lcs (>= 1.2.0, < 2.0)
      rspec-support (~> 3.3.0)
    rspec-support (3.3.0)

PLATFORMS
  ruby

DEPENDENCIES
  bundler (~> 1.5)
  check_yo_spelling!
  rake
  rspec (~> 3.3.0)
