GEM
  remote: https://rubygems.org/
  specs:
    levenshtein (0.2.2)

PLATFORMS
  ruby

DEPENDENCIES
  levenshtein (~> 0.2.2)
