PATH
  remote: .
  specs:
    spell_checker_usa (0.1.0)

GEM
  remote: https://rubygems.org/
  specs:
    diff-lcs (1.2.5)
    geolookup (0.5.10)
    levenshtein (0.2.2)
    rake (10.4.2)
    rspec (3.0.0)
      rspec-core (~> 3.0.0)
      rspec-expectations (~> 3.0.0)
      rspec-mocks (~> 3.0.0)
    rspec-core (3.0.4)
      rspec-support (~> 3.0.0)
    rspec-expectations (3.0.4)
      diff-lcs (>= 1.2.0, < 2.0)
      rspec-support (~> 3.0.0)
    rspec-mocks (3.0.4)
      rspec-support (~> 3.0.0)
    rspec-support (3.0.4)

PLATFORMS
  ruby

DEPENDENCIES
  bundler (~> 1.5)
  geolookup (~> 0.5.10)
  levenshtein (~> 0.2.2)
  rake
  rspec (~> 3.0.0.beta1)
  spell_checker_usa!
